GEM
  remote: https://rubygems.org/
  specs:
    diff-lcs (1.2.5)
    power_assert (1.1.3)
    rake (10.5.0)
    rspec (3.4.0)
      rspec-core (~> 3.4.0)
      rspec-expectations (~> 3.4.0)
      rspec-mocks (~> 3.4.0)
    rspec-core (3.4.2)
      rspec-support (~> 3.4.0)
    rspec-expectations (3.4.0)
      diff-lcs (>= 1.2.0, < 2.0)
      rspec-support (~> 3.4.0)
    rspec-mocks (3.4.1)
      diff-lcs (>= 1.2.0, < 2.0)
      rspec-support (~> 3.4.0)
    rspec-support (3.4.1)
    tanraku (0.0.10)
    test-unit (3.2.8)
      power_assert

PLATFORMS
  ruby
  x86-mingw32

DEPENDENCIES
  bundler
  diff-lcs
  rake (< 11.0)
  rspec
  tanraku
  test-unit

BUNDLED WITH
   1.16.2
